GEM
  remote: https://rubygems.org/
  specs:
    childprocess (4.1.0)
    diff-lcs (1.5.0)
    ffi (1.15.5-x64-mingw32)
    nokogiri (1.13.1-x64-mingw32)
      racc (~> 1.4)
    racc (1.6.0)
    rexml (3.2.5)
    rspec (3.10.0)
      rspec-core (~> 3.10.0)
      rspec-expectations (~> 3.10.0)
      rspec-mocks (~> 3.10.0)
    rspec-core (3.10.2)
      rspec-support (~> 3.10.0)
    rspec-expectations (3.10.2)
      diff-lcs (>= 1.2.0, < 2.0)
      rspec-support (~> 3.10.0)
    rspec-mocks (3.10.3)
      diff-lcs (>= 1.2.0, < 2.0)
      rspec-support (~> 3.10.0)
    rspec-support (3.10.3)
    rubyzip (2.3.2)
    selenium-webdriver (4.1.0)
      childprocess (>= 0.5, < 5.0)
      rexml (~> 3.2, >= 3.2.5)
      rubyzip (>= 1.2.2)
    webdrivers (5.0.0)
      nokogiri (~> 1.6)
      rubyzip (>= 1.3.0)
      selenium-webdriver (~> 4.0)

PLATFORMS
  x64-mingw32

DEPENDENCIES
  ffi
  rspec (= 3.10)
  selenium-webdriver (= 4.1)
  webdrivers (= 5.0)

BUNDLED WITH
   2.1.4
